GEM
  remote: https://rubygems.org/
  specs:
    cpf_utils (1.3.1)
    sqlite3 (1.6.7-x86_64-linux)

PLATFORMS
  x86_64-linux

DEPENDENCIES
  cpf_utils (~> 1.3, >= 1.3.1)
  sqlite3

BUNDLED WITH
   2.4.20
